GEM
  remote: https://rubygems.org/
  specs:
    activemodel (7.0.4.3)
      activesupport (= 7.0.4.3)
    activerecord (7.0.4.3)
      activemodel (= 7.0.4.3)
      activesupport (= 7.0.4.3)
    activesupport (7.0.4.3)
      concurrent-ruby (~> 1.0, >= 1.0.2)
      i18n (>= 1.6, < 2)
      minitest (>= 5.1)
      tzinfo (~> 2.0)
    artii (2.1.2)
    coderay (1.1.3)
    concurrent-ruby (1.2.2)
    faker (3.1.1)
      i18n (>= 1.8.11, < 2)
    httparty (0.21.0)
      mini_mime (>= 1.0.0)
      multi_xml (>= 0.5.2)
    i18n (1.12.0)
      concurrent-ruby (~> 1.0)
    json (2.6.3)
    method_source (1.0.0)
    mini_mime (1.1.2)
    minitest (5.18.0)
    multi_xml (0.6.0)
    pry (0.14.2)
      coderay (~> 1.1)
      method_source (~> 1.0)
    sqlite3 (1.6.1-x86_64-linux)
    tzinfo (2.0.6)
      concurrent-ruby (~> 1.0)
    uri (0.12.0)

PLATFORMS
  x86_64-linux

DEPENDENCIES
  activerecord
  artii
  faker
  httparty
  json
  pry (~> 0.14.2)
  sqlite3
  uri

BUNDLED WITH
   2.4.9
