GEM
  remote: https://rubygems.org/
  specs:
    coderay (1.1.3)
    concurrent-ruby (1.2.2)
    faker (3.1.1)
      i18n (>= 1.8.11, < 2)
    httparty (0.21.0)
      mini_mime (>= 1.0.0)
      multi_xml (>= 0.5.2)
    i18n (1.12.0)
      concurrent-ruby (~> 1.0)
    method_source (1.0.0)
    mini_mime (1.1.2)
    multi_xml (0.6.0)
    pry (0.14.2)
      coderay (~> 1.1)
      method_source (~> 1.0)

PLATFORMS
  x64-mingw-ucrt
  x86_64-linux

DEPENDENCIES
  faker
  httparty
  pry (~> 0.14.2)

BUNDLED WITH
   2.4.9
